GEM
  specs:
    coderay (1.1.2)
    date (1.0.0)
    json (2.1.0)
    method_source (0.9.0)
    pry (0.11.3)
      coderay (~> 1.1.0)
      method_source (~> 0.9.0)

PLATFORMS
  ruby

DEPENDENCIES
  date
  json
  pry

BUNDLED WITH
   1.16.2
